GEM
  remote: https://rubygems.org/
  specs:
    awesome_print (1.2.0)
    colored (1.2)
    command_line_reporter (3.3.0)
      colored (>= 1.2)
    computering (0.2.0)
      minitest (~> 5.2)
      rainbow (~> 2.0)
      rouge (~> 1.3)
      sorcerer (~> 1.0)
    json (1.8.1)
    minitest (5.4.0)
    rainbow (2.0.0)
    rouge (1.4.0)
    sorcerer (1.0.2)

PLATFORMS
  ruby

DEPENDENCIES
  awesome_print
  command_line_reporter (= 3.3.0)
  computering
  json
